NUGET
  remote: https://www.nuget.org/api/v2
  specs:
    FAKE (3.35.5)
    FSharp.Compiler.Service (0.0.90)
    FSharp.Quotations.Evaluator (1.0.6)
    FsPickler (1.2.10)
    FsUnit (1.3.0.1)
      NUnit (>= 2.6.3)
    NUnit (2.6.3)
    Unquote (2.2.2)
